GIT
  remote: git://github.com/hyperoslo/facebook-messenger.git
  revision: ba7a7b3a3d8f8256ebfb8bca4aa5022862d36397
  branch: master
  specs:
    facebook-messenger (0.5.0)
      httparty (~> 0.13.7)
      rack (>= 1.6.4)

GEM
  remote: https://rubygems.org/
  specs:
    bond (0.5.1)
    httparty (0.13.7)
      json (~> 1.8)
      multi_xml (>= 0.5.2)
    json (1.8.3)
    localtunnel (1.0.3)
    multi_xml (0.5.5)
    rack (1.6.4)
    rack-protection (1.5.3)
      rack
    rack-test (0.6.3)
      rack (>= 1.0)
    ripl (0.7.1)
      bond (~> 0.5.1)
    ripl-multi_line (0.3.1)
      ripl (>= 0.3.6)
    ripl-rack (0.2.1)
      rack (>= 1.0)
      rack-test (~> 0.6.2)
      ripl (>= 0.7.0)
    sinatra (1.4.7)
      rack (~> 1.5)
      rack-protection (~> 1.4)
      tilt (>= 1.3, < 3)
    tilt (2.0.4)
    tux (0.3.0)
      ripl (>= 0.3.5)
      ripl-multi_line (>= 0.2.4)
      ripl-rack (>= 0.2.0)
      sinatra (>= 1.2.1)

PLATFORMS
  ruby

DEPENDENCIES
  facebook-messenger!
  httparty (= 0.13.7)
  localtunnel (~> 1.0)
  sinatra (~> 1.4)
  tux (= 0.3.0)
