GIT
  remote: git://github.com/hyperoslo/facebook-messenger.git
  revision: ba7a7b3a3d8f8256ebfb8bca4aa5022862d36397
  branch: master
  specs:
    facebook-messenger (0.5.0)
      httparty (~> 0.13.7)
      rack (>= 1.6.4)

GEM
  remote: https://rubygems.org/
  specs:
    httparty (0.13.7)
      json (~> 1.8)
      multi_xml (>= 0.5.2)
    json (1.8.3)
    localtunnel (1.0.3)
    multi_xml (0.5.5)
    rack (1.6.4)
    rack-protection (1.5.3)
      rack
    sinatra (1.4.7)
      rack (~> 1.5)
      rack-protection (~> 1.4)
      tilt (>= 1.3, < 3)
    tilt (2.0.4)

PLATFORMS
  ruby

DEPENDENCIES
  facebook-messenger!
  httparty (= 0.13.7)
  localtunnel (~> 1.0)
  sinatra (~> 1.4)
