GEM
  remote: https://rubygems.org/
  specs:
    facebook-messenger (0.4.0)
      httparty (~> 0.13.7)
      rack (~> 1.6.4)
    httparty (0.13.7)
      json (~> 1.8)
      multi_xml (>= 0.5.2)
    json (1.8.3)
    localtunnel (1.0.3)
    multi_xml (0.5.5)
    rack (1.6.4)
    rack-protection (1.5.3)
      rack
    sinatra (1.4.5)
      rack (~> 1.4)
      rack-protection (~> 1.4)
      tilt (~> 1.3, >= 1.3.4)
    tilt (1.4.1)

PLATFORMS
  ruby

DEPENDENCIES
  facebook-messenger (= 0.4)
  httparty (= 0.13.7)
  localtunnel (~> 1.0)
  sinatra (~> 1.4)
